PATH
  remote: .
  specs:
    bullet_log_parser (0.1.0)

GEM
  remote: https://rubygems.org/
  specs:
    ast (2.4.1)
    binding_of_caller (0.8.0)
      debug_inspector (>= 0.0.1)
    byebug (11.1.3)
    coderay (1.1.3)
    debug_inspector (0.0.3)
    diff-lcs (1.4.4)
    kwalify (0.7.2)
    method_source (1.0.0)
    parallel (1.19.2)
    parser (2.7.1.4)
      ast (~> 2.4.1)
    pry (0.13.1)
      coderay (~> 1.1)
      method_source (~> 1.0)
    pry-byebug (3.9.0)
      byebug (~> 11.0)
      pry (~> 0.13.0)
    pry-doc (1.1.0)
      pry (~> 0.11)
      yard (~> 0.9.11)
    pry-stack_explorer (0.5.1)
      binding_of_caller (~> 0.7)
      pry (~> 0.13)
    psych (3.1.0)
    rainbow (3.0.0)
    rake (13.0.1)
    reek (6.0.1)
      kwalify (~> 0.7.0)
      parser (>= 2.5.0.0, < 2.8, != 2.5.1.1)
      psych (~> 3.1.0)
      rainbow (>= 2.0, < 4.0)
    regexp_parser (1.7.1)
    rexml (3.2.4)
    rspec (3.9.0)
      rspec-core (~> 3.9.0)
      rspec-expectations (~> 3.9.0)
      rspec-mocks (~> 3.9.0)
    rspec-core (3.9.2)
      rspec-support (~> 3.9.3)
    rspec-expectations (3.9.2)
      diff-lcs (>= 1.2.0, < 2.0)
      rspec-support (~> 3.9.0)
    rspec-mocks (3.9.1)
      diff-lcs (>= 1.2.0, < 2.0)
      rspec-support (~> 3.9.0)
    rspec-support (3.9.3)
    rubocop (0.88.0)
      parallel (~> 1.10)
      parser (>= 2.7.1.1)
      rainbow (>= 2.2.2, < 4.0)
      regexp_parser (>= 1.7)
      rexml
      rubocop-ast (>= 0.1.0, < 1.0)
      ruby-progressbar (~> 1.7)
      unicode-display_width (>= 1.4.0, < 2.0)
    rubocop-ast (0.2.0)
      parser (>= 2.7.0.1)
    rubocop-performance (1.7.1)
      rubocop (>= 0.82.0)
    rubocop-rake (0.5.1)
      rubocop
    rubocop-rspec (1.42.0)
      rubocop (>= 0.87.0)
    ruby-progressbar (1.10.1)
    unicode-display_width (1.7.0)
    yard (0.9.25)

PLATFORMS
  ruby

DEPENDENCIES
  bullet_log_parser!
  pry
  pry-byebug
  pry-doc
  pry-stack_explorer
  rake
  reek
  rspec
  rubocop
  rubocop-performance
  rubocop-rake
  rubocop-rspec

BUNDLED WITH
   2.1.4
